GEM
  remote: https://rubygems.org/
  specs:
    builder (3.2.2)
    haml (4.0.7)
      tilt
    mini_portile2 (2.4.0)
    nokogiri (1.10.8)
      mini_portile2 (~> 2.4.0)
    rack (1.6.13)
    rack-protection (1.5.5)
      rack
    sinatra (1.4.6)
      rack (~> 1.4)
      rack-protection (~> 1.4)
      tilt (>= 1.3, < 3)
    tilt (2.0.1)

PLATFORMS
  ruby

DEPENDENCIES
  builder
  haml
  nokogiri
  sinatra
